NUGET
  remote: https://www.nuget.org/api/v2
    ModernUI.WPF (1.0.9)
